PATH
  remote: .
  specs:
    ruby-mp3info (0.7.1)
      activesupport

GEM
  remote: https://rubygems.org/
  specs:
    activesupport (4.0.2)
      i18n (~> 0.6, >= 0.6.4)
      minitest (~> 4.2)
      multi_json (~> 1.3)
      thread_safe (~> 0.1)
      tzinfo (~> 0.3.37)
    atomic (1.1.14)
    hoe (2.16.1)
      rake (~> 0.8)
    i18n (0.6.9)
    json (1.8.1)
    minitest (4.7.5)
    multi_json (1.8.2)
    rake (0.9.6)
    rdoc (3.12.2)
      json (~> 1.4)
    thread_safe (0.1.3)
      atomic
    tzinfo (0.3.38)

PLATFORMS
  ruby

DEPENDENCIES
  hoe (~> 2.12)
  minitest (~> 4.0)
  rdoc (~> 3.10)
  ruby-mp3info!
